GEM
  remote: http://rubygems.org/
  specs:
    better (1.0.0)
    execjs (1.2.0)
      multi_json (~> 1.0)
    git (1.2.5)
    jeweler (1.6.4)
      bundler (~> 1.0)
      git (>= 1.2.5)
      rake
    libv8 (3.3.10.2)
    multi_json (1.0.3)
    rake (0.9.2)
    rcov (0.9.9)
    shoulda (2.11.3)
    therubyracer (0.9.3beta1)
      libv8 (~> 3.3.10)

PLATFORMS
  ruby

DEPENDENCIES
  better
  bundler (~> 1.0.0)
  execjs
  jeweler (~> 1.6.4)
  rcov
  shoulda
  therubyracer (~> 0.9.3beta1)
